GEM
  remote: https://rubygems.org/
  specs:
    addressable (2.2.7)
    couchrest (1.1.2)
      mime-types (~> 1.15)
      multi_json (~> 1.0.0)
      rest-client (~> 1.6.1)
    haml (2.2.19)
    heroku (2.24.1)
      launchy (>= 0.3.2)
      netrc (~> 0.7.1)
      rest-client (~> 1.6.1)
      rubyzip
    json (1.6.5)
    launchy (2.1.0)
      addressable (~> 2.2.6)
    mime-types (1.17.2)
    multi_json (1.0.4)
    netrc (0.7.1)
    rack (1.4.1)
    rack-protection (1.2.0)
      rack
    rest-client (1.6.7)
      mime-types (>= 1.16)
    rubyzip (0.9.7)
    sinatra (1.3.2)
      rack (~> 1.3, >= 1.3.6)
      rack-protection (~> 1.2)
      tilt (~> 1.3, >= 1.3.3)
    sprockets (1.0.2)
    tilt (1.3.3)

PLATFORMS
  ruby

DEPENDENCIES
  couchrest
  haml (= 2.2.19)
  heroku
  json
  sinatra
  sprockets (= 1.0.2)
